GEM
  remote: https://rubygems.org/
  specs:
    adsf (1.1.1)
      rack (>= 1.0.0)
    colored (1.2)
    cri (2.3.0)
      colored (>= 1.2)
    kramdown (0.14.2)
    nanoc (3.5.0)
      cri (~> 2.2)
    rack (1.5.0)
    rake (10.0.3)

PLATFORMS
  ruby

DEPENDENCIES
  adsf (~> 1.1.1)
  kramdown (~> 0.14.2)
  nanoc (~> 3.5.0)
  rake (~> 10.0.3)
